GIT
  remote: https://github.com/catlee/aoc-ruby.git
  revision: 5f2e60c097e517eba62c62b555c95a2751db93bb
  specs:
    aoc (0.1.0)

GEM
  remote: https://rubygems.org/
  specs:
    coderay (1.1.3)
    method_source (1.0.0)
    minitest (5.14.4)
    pry (0.14.1)
      coderay (~> 1.1)
      method_source (~> 1.0)
    sqlite3 (1.4.2)

PLATFORMS
  x86_64-darwin-20

DEPENDENCIES
  aoc!
  minitest
  pry
  sqlite3

RUBY VERSION
   ruby 3.0.3p157

BUNDLED WITH
   2.2.30
